GEM
  remote: https://rubygems.org/
  specs:
    bson (3.0.2)
    dotenv (2.0.1)
    erubis (2.7.0)
    json (1.8.1)
    mongo (2.0.3)
      bson (~> 3.0)
    rack (1.6.0)
    rack-protection (1.5.3)
      rack
    sinatra (1.4.5)
      rack (~> 1.4)
      rack-protection (~> 1.4)
      tilt (~> 1.3, >= 1.3.4)
    tilt (1.4.1)

PLATFORMS
  ruby

DEPENDENCIES
  dotenv
  erubis
  json (= 1.8.1)
  mongo
  sinatra (= 1.4.5)
